GEM
  remote: https://rubygems.org/
  specs:
    gruff (0.12.1)
      histogram
      rmagick
    histogram (0.2.4.1)
    rmagick (4.1.2)
    smarter_csv (1.2.6)

PLATFORMS
  ruby

DEPENDENCIES
  gruff
  rmagick
  smarter_csv (~> 1.2, >= 1.2.6)

BUNDLED WITH
   2.1.4
